GEM
  remote: https://rubygems.org/
  specs:
    activesupport (7.0.3)
      concurrent-ruby (~> 1.0, >= 1.0.2)
      i18n (>= 1.6, < 2)
      minitest (>= 5.1)
      tzinfo (~> 2.0)
    addressable (2.8.0)
      public_suffix (>= 2.0.2, < 5.0)
    ast (2.4.2)
    atlassian-jwt (0.2.1)
      jwt (~> 2.1)
    aws-eventstream (1.2.0)
    aws-partitions (1.602.0)
    aws-sdk-core (3.131.2)
      aws-eventstream (~> 1, >= 1.0.2)
      aws-partitions (~> 1, >= 1.525.0)
      aws-sigv4 (~> 1.1)
      jmespath (~> 1, >= 1.6.1)
    aws-sdk-dynamodb (1.75.0)
      aws-sdk-core (~> 3, >= 3.127.0)
      aws-sigv4 (~> 1.1)
    aws-sdk-kms (1.57.0)
      aws-sdk-core (~> 3, >= 3.127.0)
      aws-sigv4 (~> 1.1)
    aws-sdk-s3 (1.114.0)
      aws-sdk-core (~> 3, >= 3.127.0)
      aws-sdk-kms (~> 1)
      aws-sigv4 (~> 1.4)
    aws-sigv4 (1.5.0)
      aws-eventstream (~> 1, >= 1.0.2)
    base58 (0.2.3)
    codecov (0.6.0)
      simplecov (>= 0.15, < 0.22)
    concurrent-ruby (1.1.10)
    crack (0.4.5)
      rexml
    differ (0.1.2)
    docile (1.4.0)
    faraday (2.3.0)
      faraday-net_http (~> 2.0)
      ruby2_keywords (>= 0.0.4)
    faraday-net_http (2.0.3)
    ffi (1.15.5)
    gitlab (4.17.0)
      httparty (~> 0.18)
      terminal-table (~> 1.5, >= 1.5.1)
    glogin (0.8.0)
      base58 (= 0.2.3)
    haml (5.2.2)
      temple (>= 0.8.0)
      tilt
    httparty (0.20.0)
      mime-types (~> 3.0)
      multi_xml (>= 0.5.2)
    i18n (1.10.0)
      concurrent-ruby (~> 1.0)
    jira-ruby (2.2.0)
      activesupport
      atlassian-jwt
      multipart-post
      oauth (~> 0.5, >= 0.5.0)
    jmespath (1.6.1)
    jwt (2.4.1)
    mail (2.7.1)
      mini_mime (>= 0.1.1)
    mime-types (3.4.1)
      mime-types-data (~> 3.2015)
    mime-types-data (3.2022.0105)
    mini_mime (1.1.2)
    mini_portile2 (2.8.0)
    minitest (5.16.2)
    mocha (1.14.0)
    multi_json (1.15.0)
    multi_xml (0.6.0)
    multipart-post (2.2.3)
    mustermann (1.1.1)
      ruby2_keywords (~> 0.0.1)
    nokogiri (1.13.6)
      mini_portile2 (~> 2.8.0)
      racc (~> 1.4)
    nokogiri (1.13.6-x86_64-darwin)
      racc (~> 1.4)
    oauth (0.5.10)
    octokit (4.25.0)
      faraday (>= 1, < 3)
      sawyer (~> 0.9)
    parallel (1.22.1)
    parser (3.1.2.0)
      ast (~> 2.4.1)
    pdd (0.21.0)
      nokogiri (~> 1.10)
      rainbow (~> 3.0)
      ruby-filemagic (~> 0.7.2)
      slop (~> 4.6)
    power_assert (2.0.1)
    public_suffix (4.0.7)
    racc (1.6.0)
    rack (2.2.3.1)
    rack-protection (2.2.0)
      rack
    rack-test (2.0.0)
      rack (>= 1.3)
    rainbow (3.1.1)
    rake (13.0.6)
    rb-fsevent (0.11.1)
    rb-inotify (0.10.1)
      ffi (~> 1.0)
    regexp_parser (2.5.0)
    rexml (3.2.5)
    rubocop (1.31.0)
      parallel (~> 1.10)
      parser (>= 3.1.0.0)
      rainbow (>= 2.2.2, < 4.0)
      regexp_parser (>= 1.8, < 3.0)
      rexml (>= 3.2.5, < 4.0)
      rubocop-ast (>= 1.18.0, < 2.0)
      ruby-progressbar (~> 1.7)
      unicode-display_width (>= 1.4.0, < 3.0)
    rubocop-ast (1.18.0)
      parser (>= 3.1.1.0)
    rubocop-rspec (2.11.1)
      rubocop (~> 1.19)
    ruby-fann (1.3.2)
    ruby-filemagic (0.7.3)
    ruby-progressbar (1.11.0)
    ruby2_keywords (0.0.5)
    sass (3.7.4)
      sass-listen (~> 4.0.0)
    sass-listen (4.0.0)
      rb-fsevent (~> 0.9, >= 0.9.4)
      rb-inotify (~> 0.9, >= 0.9.7)
    sawyer (0.9.2)
      addressable (>= 2.3.5)
      faraday (>= 0.17.3, < 3)
    sentry-raven (3.1.1)
      faraday (>= 1.0)
    simplecov (0.21.2)
      docile (~> 1.1)
      simplecov-html (~> 0.11)
      simplecov_json_formatter (~> 0.1)
    simplecov-html (0.12.3)
    simplecov_json_formatter (0.1.4)
    sinatra (2.2.0)
      mustermann (~> 1.0)
      rack (~> 2.2)
      rack-protection (= 2.2.0)
      tilt (~> 2.0)
    sinatra-contrib (2.2.0)
      multi_json
      mustermann (~> 1.0)
      rack-protection (= 2.2.0)
      sinatra (= 2.2.0)
      tilt (~> 2.0)
    slop (4.9.2)
    sprockets (4.1.0)
      concurrent-ruby (~> 1.0)
      rack (> 1, < 3)
    temple (0.8.2)
    terminal-table (1.6.0)
    test-unit (3.5.3)
      power_assert
    tilt (2.0.10)
    tzinfo (2.0.4)
      concurrent-ruby (~> 1.0)
    unicode-display_width (2.2.0)
    xcop (0.7.1)
      differ (~> 0.1.2)
      nokogiri (~> 1.10)
      rainbow (~> 3.0)
      slop (~> 4.4)

PLATFORMS
  ruby
  x86_64-darwin-19
  x86_64-darwin-20
  x86_64-darwin-21

DEPENDENCIES
  atlassian-jwt (~> 0.2.1)
  aws-sdk-dynamodb (= 1.75.0)
  aws-sdk-s3 (= 1.114.0)
  codecov (= 0.6.0)
  crack (= 0.4.5)
  gitlab (= 4.17.0)
  glogin (= 0.8.0)
  haml (= 5.2.2)
  jira-ruby (= 2.2.0)
  mail (= 2.7.1)
  mocha (= 1.14.0)
  nokogiri (= 1.13.6)
  octokit (= 4.25.0)
  pdd (= 0.21.0)
  rack (= 2.2.3.1)
  rack-test (= 2.0.0)
  rake (= 13.0.6)
  rubocop (= 1.31.0)
  rubocop-rspec (= 2.11.1)
  ruby-fann
  sass (= 3.7.4)
  sentry-raven (= 3.1.1)
  sinatra (= 2.2.0)
  sinatra-contrib (= 2.2.0)
  sprockets (= 4.1.0)
  test-unit (= 3.5.3)
  xcop (= 0.7.1)

RUBY VERSION
   ruby 2.7.6

BUNDLED WITH
   2.3.17
